GEM
  remote: https://rubygems.org/
  specs:
    activesupport (5.0.0.1)
      concurrent-ruby (~> 1.0, >= 1.0.2)
      i18n (~> 0.7)
      minitest (~> 5.1)
      tzinfo (~> 1.1)
    clockwork (1.2.0)
      activesupport
      tzinfo
    concurrent-ruby (1.1.3)
    connection_pool (2.2.2)
    i18n (0.7.0)
    minitest (5.10.1)
    rack (2.0.6)
    rack-protection (2.0.4)
      rack
    redis (4.0.3)
    sidekiq (5.2.3)
      connection_pool (~> 2.2, >= 2.2.2)
      rack-protection (>= 1.5.0)
      redis (>= 3.3.5, < 5)
    thread_safe (0.3.5)
    tzinfo (1.2.2)
      thread_safe (~> 0.1)

PLATFORMS
  ruby

DEPENDENCIES
  clockwork
  sidekiq

BUNDLED WITH
   1.17.1
